GEM
  remote: https://ruby.taobao.org/
  specs:
    aws-kclrb (1.0.0)
      multi_json (~> 1.0)
    aws-sdk (2.1.23)
      aws-sdk-resources (= 2.1.23)
    aws-sdk-core (2.1.23)
      jmespath (~> 1.0)
    aws-sdk-resources (2.1.23)
      aws-sdk-core (= 2.1.23)
    inifile (3.0.0)
    jmespath (1.1.3)
    multi_json (1.11.2)

PLATFORMS
  ruby

DEPENDENCIES
  aws-kclrb (= 1.0.0)
  aws-sdk (~> 2)
  inifile (= 3.0.0)
